NUGET
  remote: https://www.nuget.org/api/v2
    Endorphin.Core (0.3.5)
      FSharp.Core
      log4net (>= 2.0 < 3.0)
    Endorphin.IO (0.1.9)
      FSharp.Core
      log4net
    Endorphin.IO.Reactive (0.1.9)
      Endorphin.Core
      Endorphin.IO (>= 0.1.9)
      FSharp.Control.Reactive (>= 3.4.1 < 3.5)
      FSharp.Core
      log4net
      Rx-PlatformServices (>= 2.2.5 < 2.3)
    FSharp.Control.Reactive (3.4.1)
      Rx-Core (>= 2.2.5)
      Rx-Interfaces (>= 2.2.5)
      Rx-Linq (>= 2.2.5)
    FSharp.Core (4.0.0.1) - redirects: force
    log4net (2.0.5)
    Rx-Core (2.2.5)
      Rx-Interfaces (>= 2.2.5)
    Rx-Interfaces (2.2.5)
    Rx-Linq (2.2.5)
      Rx-Core (>= 2.2.5)
      Rx-Interfaces (>= 2.2.5)
    Rx-PlatformServices (2.2.5)
      Rx-Core (>= 2.2.5)
      Rx-Interfaces (>= 2.2.5)
GITHUB
  remote: WarwickEPR/Endorphin.Core
    src/Endorphin.Core.Reactive.fs (c4defa89d25c303ea6fb0d51dcf882ba6abb036d)
GROUP Build
NUGET
  remote: https://www.nuget.org/api/v2
    FAKE (4.38.3)
    FSharp.Compiler.Service (2.0.0.6)
    FSharp.Formatting (2.14.4)
      FSharp.Compiler.Service (2.0.0.6)
      FSharpVSPowerTools.Core (>= 2.3 < 2.4)
    FSharpVSPowerTools.Core (2.3)
      FSharp.Compiler.Service (>= 2.0.0.3)
    Microsoft.Bcl (1.1.10) - framework: net10, net11, net20, net30, net35, net40, net40-full
      Microsoft.Bcl.Build (>= 1.0.14)
    Microsoft.Bcl.Build (1.0.21) - import_targets: false, framework: net10, net11, net20, net30, net35, net40, net40-full
    Microsoft.Net.Http (2.2.29) - framework: net10, net11, net20, net30, net35, net40, net40-full
      Microsoft.Bcl (>= 1.1.10)
      Microsoft.Bcl.Build (>= 1.0.14)
    Octokit (0.21.1)
      Microsoft.Net.Http  - framework: net10, net11, net20, net30, net35, net40, net40-full
    SourceLink.Fake (1.1)
GITHUB
  remote: fsharp/FAKE
    modules/Octokit/Octokit.fsx (487d6a0dcf0f4b5450c9ce4cefa0a02b478166d9)
      Octokit (>= 0.20)